GEM
  remote: http://rubygems.org/
  specs:
    em-http-server (0.1.5)
      eventmachine
    em-websocket (0.5.0)
      eventmachine (>= 0.12.9)
      http_parser.rb (~> 0.5.3)
    eventmachine (1.0.3)
    haml (4.0.0)
      tilt
    http_parser.rb (0.5.3)
    httparty (0.11.0)
      multi_json (~> 1.0)
      multi_xml (>= 0.5.2)
    macaddr (1.6.1)
      systemu (~> 2.5.0)
    multi_json (1.7.2)
    multi_xml (0.5.3)
    oj (2.0.10)
    systemu (2.5.2)
    tilt (1.3.3)
    uuid (2.3.7)
      macaddr (~> 1.0)

PLATFORMS
  ruby

DEPENDENCIES
  em-http-server
  em-websocket
  haml
  httparty
  oj
  uuid
